GEM
  remote: https://rubygems.org/
  specs:
    ruby-progressbar (1.5.1)
    thread (0.1.4)

PLATFORMS
  ruby

DEPENDENCIES
  ruby-progressbar
  thread
